GEM
  remote: https://rubygems.org/
  specs:
    activesupport (3.2.19)
      i18n (~> 0.6, >= 0.6.4)
      multi_json (~> 1.0)
    childprocess (0.5.5)
      ffi (~> 1.0, >= 1.0.11)
    ffi (1.9.6)
    i18n (0.6.11)
    multi_json (1.10.1)
    rubyzip (1.1.6)
    selenium-webdriver (2.43.0)
      childprocess (~> 0.5)
      multi_json (~> 1.0)
      rubyzip (~> 1.0)
      websocket (~> 1.0)
    tcfg (0.1.0)
      activesupport (~> 3.2)
    websocket (1.2.1)

PLATFORMS
  ruby

DEPENDENCIES
  selenium-webdriver (~> 2.43.0)
  tcfg (~> 0.1.0)
